GEM
  remote: http://rubygems.org/
  specs:
    chunky_png (1.2.5)
    color (1.4.1)
    diff-lcs (1.1.3)
    normalizer (0.0.1)
    rasem (0.6.1)
    rmagick (2.13.1)
    rspec (2.9.0)
      rspec-core (~> 2.9.0)
      rspec-expectations (~> 2.9.0)
      rspec-mocks (~> 2.9.0)
    rspec-core (2.9.0)
    rspec-expectations (2.9.0)
      diff-lcs (~> 1.1.3)
    rspec-mocks (2.9.0)

PLATFORMS
  ruby

DEPENDENCIES
  chunky_png
  color
  normalizer
  rasem
  rmagick
  rspec
