GEM
  remote: http://rubygems.org/
  specs:
    color (1.4.1)
    diff-lcs (1.1.3)
    multi_json (1.2.0)
    normalizer (0.0.1)
    progressbar (0.10.0)
    rmagick (2.13.1)
    rspec (2.9.0)
      rspec-core (~> 2.9.0)
      rspec-expectations (~> 2.9.0)
      rspec-mocks (~> 2.9.0)
    rspec-core (2.9.0)
    rspec-expectations (2.9.0)
      diff-lcs (~> 1.1.3)
    rspec-mocks (2.9.0)
    simplecov (0.6.1)
      multi_json (~> 1.0)
      simplecov-html (~> 0.5.3)
    simplecov-html (0.5.3)

PLATFORMS
  ruby

DEPENDENCIES
  color
  normalizer
  progressbar
  rmagick
  rspec
  simplecov
