GEM
  remote: http://rubygems.org/
  specs:
    color (1.4.1)
    diff-lcs (1.1.3)
    normalizer (0.0.1)
    progressbar (0.11.0)
    rmagick (2.13.1)
    rspec (2.10.0)
      rspec-core (~> 2.10.0)
      rspec-expectations (~> 2.10.0)
      rspec-mocks (~> 2.10.0)
    rspec-core (2.10.0)
    rspec-expectations (2.10.0)
      diff-lcs (~> 1.1.3)
    rspec-mocks (2.10.1)

PLATFORMS
  ruby

DEPENDENCIES
  color
  normalizer
  progressbar
  rmagick
  rspec
