GEM
  remote: http://rubygems.org/
  specs:
    chunky_png (1.2.5)
    color (1.4.1)
    normalizer (0.0.1)
    rasem (0.6.1)
    rmagick (2.13.1)

PLATFORMS
  ruby

DEPENDENCIES
  chunky_png
  color
  normalizer
  rasem
  rmagick
